GEM
  remote: https://rubygems.org/
  specs:
    activesupport (3.1.8)
      multi_json (>= 1.0, < 1.3)
    builder (3.0.0)
    coderay (1.0.7)
    curb (0.7.18)
    feedzirra (0.1.3)
      activesupport (~> 3.1.1)
      builder (>= 2.1.2)
      curb (~> 0.7.15)
      i18n (>= 0.5.0)
      loofah (~> 1.2.0)
      nokogiri (>= 1.4.4)
      rake (>= 0.8.7)
      rdoc (~> 3.8)
      sax-machine (~> 0.1.0)
    i18n (0.6.0)
    json (1.7.5)
    loofah (1.2.1)
      nokogiri (>= 1.4.4)
    method_source (0.7.1)
    multi_json (1.2.0)
    nokogiri (1.5.5)
    pry (0.9.9.6)
      coderay (~> 1.0.5)
      method_source (~> 0.7.1)
      slop (>= 2.4.4, < 3)
    rake (0.9.2.2)
    rdoc (3.12)
      json (~> 1.4)
    sax-machine (0.1.0)
      nokogiri (> 0.0.0)
    sequel (3.32.0)
    slop (2.4.4)
    thor (0.15.4)

PLATFORMS
  ruby

DEPENDENCIES
  feedzirra
  pry
  sequel
  thor
